GEM
  specs:
    bindata (1.4.3)
    ffi (1.0.11)
    guard (1.0.3)
      ffi (>= 0.5.0)
      thor (>= 0.14.6)
    guard-minitest (0.5.0)
      guard (>= 0.4)
    ruby_gntp (0.3.4)
    thor (0.15.2)

PLATFORMS
  ruby

DEPENDENCIES
  bindata
  guard-minitest
  ruby_gntp
